GEM
  remote: http://ruby.taobao.org/
  specs:
    faraday (0.8.4)
      multipart-post (~> 1.1)
    faraday_middleware (0.9.0)
      faraday (>= 0.7.4, < 0.9)
    hashie (1.2.0)
    multipart-post (1.1.5)
    taglib-ruby (0.5.2)

PLATFORMS
  ruby

DEPENDENCIES
  faraday
  faraday_middleware
  hashie
  taglib-ruby
